GEM
  remote: https://rubygems.org/
  specs:
    coderay (1.1.2)
    method_source (0.9.2)
    pry (0.12.2)
      coderay (~> 1.1.0)
      method_source (~> 0.9.0)
    pry-doc (1.0.0)
      pry (~> 0.11)
      yard (~> 0.9.11)
    yard (0.9.18)

PLATFORMS
  ruby

DEPENDENCIES
  pry
  pry-doc

RUBY VERSION
   ruby 2.6.0p0

BUNDLED WITH
   2.0.1
